GEM
  remote: https://rubygems.org/
  specs:
    httparty (0.15.6)
      multi_xml (>= 0.5.2)
    make_todo (0.1.0)
    multi_xml (0.6.0)
    mustermann (1.0.1)
    rack (2.1.4)
    rack-protection (2.0.0)
      rack
    sinatra (2.0.0)
      mustermann (~> 1.0)
      rack (~> 2.0)
      rack-protection (= 2.0.0)
      tilt (~> 2.0)
    tilt (2.0.8)

PLATFORMS
  ruby

DEPENDENCIES
  httparty
  make_todo
  sinatra

RUBY VERSION
   ruby 2.2.5p319

BUNDLED WITH
   1.16.0
